PATH
  remote: .
  specs:
    ups (0.8.2)
      insensitive_hash
      levenshtein-ffi
      ox
      typhoeus

GEM
  remote: http://rubygems.org/
  specs:
    codeclimate-test-reporter (1.0.8)
      simplecov (<= 0.13)
    docile (1.1.5)
    ethon (0.11.0)
      ffi (>= 1.3.0)
    ffi (1.9.18)
    insensitive_hash (0.3.3)
    json (2.1.0)
    levenshtein-ffi (1.1.0)
      ffi (~> 1.9)
    mini_portile2 (2.3.0)
    minitest (5.10.3)
    nokogiri (1.8.1)
      mini_portile2 (~> 2.3.0)
    ox (2.8.1)
    rake (12.2.1)
    simplecov (0.13.0)
      docile (~> 1.1.0)
      json (>= 1.8, < 3)
      simplecov-html (~> 0.10.0)
    simplecov-html (0.10.2)
    typhoeus (1.3.0)
      ethon (>= 0.9.0)

PLATFORMS
  ruby

DEPENDENCIES
  codeclimate-test-reporter
  minitest
  nokogiri
  rake
  ups!

BUNDLED WITH
   1.15.4
